GIT
  remote: git://github.com/FriendlyId/friendly_id.git
  revision: 36a1409d76676912e607d2bad69f9aa32f5edae3
  branch: rails4
  specs:
    friendly_id (4.1.0.beta.2)

GIT
  remote: git://github.com/adamjacobbecker/clearance.git
  revision: 7a8315ec8776cf1358ea9e6ca93cedf8461fc679
  specs:
    clearance (1.0.0.rc7)
      bcrypt-ruby
      email_validator (~> 1.4)
      rails (>= 3.0)

GIT
  remote: git://github.com/adamjacobbecker/client_side_validations-simple_form.git
  revision: 45fa9eab2a93f75c7b84cf746bba07328b64f46e
  specs:
    client_side_validations-simple_form (2.1.0)
      client_side_validations (~> 3.2.5)
      simple_form (~> 3.0.0rc)

GIT
  remote: git://github.com/adamjacobbecker/client_side_validations.git
  revision: 91a04803306b118025216076269a2f41da376277
  branch: 4-0-beta
  specs:
    client_side_validations (3.2.5)

GIT
  remote: git://github.com/heroku/rails3_serve_static_assets.git
  revision: 84910ceb4ca2851d650e66d3b22f5008acf253f8
  specs:
    rails3_serve_static_assets (0.0.1)

GIT
  remote: git://github.com/heroku/rails_log_stdout.git
  revision: 01b5bcc572e3baed1618f4068920dd83bd491fb2
  specs:
    rails_log_stdout (0.0.1)

GIT
  remote: git://github.com/rails-api/active_model_serializers.git
  revision: 7a39966e7ea47eb2f58962b6f0060ff3cbef4e65
  specs:
    active_model_serializers (0.7.0)
      activemodel (>= 3.0)

GEM
  remote: https://rubygems.org/
  specs:
    actionmailer (4.0.0.rc1)
      actionpack (= 4.0.0.rc1)
      mail (~> 2.5.3)
    actionpack (4.0.0.rc1)
      activesupport (= 4.0.0.rc1)
      builder (~> 3.1.0)
      erubis (~> 2.7.0)
      rack (~> 1.5.2)
      rack-test (~> 0.6.2)
    activemodel (4.0.0.rc1)
      activesupport (= 4.0.0.rc1)
      builder (~> 3.1.0)
    activerecord (4.0.0.rc1)
      activemodel (= 4.0.0.rc1)
      activerecord-deprecated_finders (~> 1.0.2)
      activesupport (= 4.0.0.rc1)
      arel (~> 4.0.0)
    activerecord-deprecated_finders (1.0.2)
    activesupport (4.0.0.rc1)
      i18n (~> 0.6, >= 0.6.4)
      minitest (~> 4.2)
      multi_json (~> 1.3)
      thread_safe (~> 0.1)
      tzinfo (~> 0.3.37)
    addressable (2.3.4)
    annotate (2.5.0)
      rake
    arel (4.0.0)
    atomic (1.1.8)
    aws-ses (0.5.0)
      builder
      mail (> 2.2.5)
      mime-types
      xml-simple
    bcrypt-ruby (3.0.1)
    better_errors (0.8.0)
      coderay (>= 1.0.0)
      erubis (>= 2.6.6)
    binding_of_caller (0.7.1)
      debug_inspector (>= 0.0.1)
    bootstrap-will_paginate (0.0.9)
      will_paginate
    bootstrap-wysihtml5-rails (0.3.1.19)
      railties (>= 3.0)
    builder (3.1.4)
    cancan (1.6.9)
    capybara (2.0.3)
      mime-types (>= 1.16)
      nokogiri (>= 1.3.3)
      rack (>= 1.0.0)
      rack-test (>= 0.5.4)
      selenium-webdriver (~> 2.0)
      xpath (~> 1.0.0)
    capybara-webkit (0.14.2)
      capybara (~> 2.0, >= 2.0.2)
      json
    carrierwave (0.8.0)
      activemodel (>= 3.2.0)
      activesupport (>= 3.2.0)
    childprocess (0.3.9)
      ffi (~> 1.0, >= 1.0.11)
    coderay (1.0.9)
    coffee-rails (4.0.0)
      coffee-script (>= 2.2.0)
      railties (>= 4.0.0.beta, < 5.0)
    coffee-script (2.2.0)
      coffee-script-source
      execjs
    coffee-script-source (1.6.2)
    colorist (0.0.2)
    daemons (1.1.9)
    dalli (2.6.2)
    database_cleaner (1.0.0.RC1)
    debug_inspector (0.0.2)
    delayed_job (4.0.0.beta1)
      activesupport (>= 3.0, < 4.1)
    delayed_job_active_record (4.0.0.beta2)
      activerecord (>= 3.0, < 4.1)
      delayed_job (~> 4.0.0.beta1)
    diff-lcs (1.2.4)
    email_validator (1.4.0)
      activemodel
    erubis (2.7.0)
    eventmachine (1.0.3)
    excon (0.13.4)
    execjs (1.4.0)
      multi_json (~> 1.0)
    factory_girl (4.2.0)
      activesupport (>= 3.0.0)
    factory_girl_rails (4.2.1)
      factory_girl (~> 4.2.0)
      railties (>= 3.0.0)
    ffaker (1.16.1)
    ffi (1.8.1)
    fog (1.3.1)
      builder
      excon (~> 0.13.0)
      formatador (~> 0.2.0)
      mime-types
      multi_json (~> 1.0)
      net-scp (~> 1.0.4)
      net-ssh (>= 2.1.3)
      nokogiri (~> 1.5.0)
      ruby-hmac
    font-awesome-sass-rails (3.0.2.2)
      railties (>= 3.1.1)
      sass-rails (>= 3.1.1)
    foreigner (1.4.0)
      activerecord (>= 3.0.0)
    formatador (0.2.4)
    fuubar (1.1.0)
      rspec (~> 2.0)
      rspec-instafail (~> 0.2.0)
      ruby-progressbar (~> 1.0.0)
    guard (1.8.0)
      formatador (>= 0.2.4)
      listen (>= 1.0.0)
      lumberjack (>= 1.0.2)
      pry (>= 0.9.10)
      thor (>= 0.14.6)
    guard-rspec (2.6.0)
      guard (>= 1.8)
      rspec (~> 2.13)
    haml (4.0.2)
      tilt
    haml_coffee_assets (1.12.0)
      coffee-script (>= 1.0.0)
      sprockets (>= 2.0.3)
      tilt (>= 1.3.3)
    hike (1.2.2)
    httparty (0.11.0)
      multi_json (~> 1.0)
      multi_xml (>= 0.5.2)
    httpclient (2.3.3)
    i18n (0.6.4)
    i18n-js (2.1.2)
      i18n
    immigrant (0.1.4)
      activerecord (>= 3.0)
      foreigner (>= 1.2.1)
    impressionist (1.2.0)
      httpclient (~> 2.2)
      nokogiri (~> 1.5)
    json (1.7.7)
    launchy (2.2.0)
      addressable (~> 2.3)
    letter_opener (1.1.0)
      launchy (~> 2.2.0)
    listen (1.0.3)
      rb-fsevent (>= 0.9.3)
      rb-inotify (>= 0.9)
      rb-kqueue (>= 0.2)
    lumberjack (1.0.3)
    mail (2.5.3)
      i18n (>= 0.4.0)
      mime-types (~> 1.16)
      treetop (~> 1.4.8)
    method_source (0.8.1)
    mime-types (1.23)
    minitest (4.7.4)
    multi_json (1.7.2)
    multi_xml (0.5.3)
    net-scp (1.0.4)
      net-ssh (>= 1.99.1)
    net-ssh (2.6.7)
    nokogiri (1.5.9)
    oauth (0.4.7)
    pg (0.15.1)
    pg_search (0.6.2)
      activerecord (>= 3.1)
      activesupport (>= 3.1)
      arel
    polyglot (0.3.3)
    protected_attributes (1.0.1)
      activemodel (>= 4.0.0.beta, < 5.0)
    pry (0.9.12.1)
      coderay (~> 1.0.5)
      method_source (~> 0.8)
      slop (~> 3.4)
    rack (1.5.2)
    rack-test (0.6.2)
      rack (>= 1.0)
    rails (4.0.0.rc1)
      actionmailer (= 4.0.0.rc1)
      actionpack (= 4.0.0.rc1)
      activerecord (= 4.0.0.rc1)
      activesupport (= 4.0.0.rc1)
      bundler (>= 1.3.0, < 2.0)
      railties (= 4.0.0.rc1)
      sprockets-rails (~> 2.0.0.rc4)
    railties (4.0.0.rc1)
      actionpack (= 4.0.0.rc1)
      activesupport (= 4.0.0.rc1)
      rake (>= 0.8.7)
      thor (>= 0.18.1, < 2.0)
    rake (10.0.4)
    rb-fsevent (0.9.3)
    rb-inotify (0.9.0)
      ffi (>= 0.5.0)
    rb-kqueue (0.2.0)
      ffi (>= 0.5.0)
    rmagick (2.13.2)
    rspec (2.13.0)
      rspec-core (~> 2.13.0)
      rspec-expectations (~> 2.13.0)
      rspec-mocks (~> 2.13.0)
    rspec-core (2.13.1)
    rspec-expectations (2.13.0)
      diff-lcs (>= 1.1.3, < 2.0)
    rspec-instafail (0.2.4)
    rspec-mocks (2.13.1)
    rspec-rails (2.13.1)
      actionpack (>= 3.0)
      activesupport (>= 3.0)
      railties (>= 3.0)
      rspec-core (~> 2.13.0)
      rspec-expectations (~> 2.13.0)
      rspec-mocks (~> 2.13.0)
    rspec-retry (0.2.1)
      rspec
    ruby-hmac (0.4.0)
    ruby-progressbar (1.0.2)
    rubyzip (0.9.9)
    sanitize (2.0.3)
      nokogiri (>= 1.4.4, < 1.6)
      nokogiri (>= 1.4.4, < 1.6)
    sass (3.2.8)
    sass-rails (4.0.0.rc1)
      railties (>= 4.0.0.beta, < 5.0)
      sass (>= 3.1.10)
      sprockets-rails (~> 2.0.0.rc0)
      tilt (~> 1.3)
    select2-rails (3.3.1)
      sass-rails (>= 3.2)
      thor (~> 0.14)
    selenium-webdriver (2.32.1)
      childprocess (>= 0.2.5)
      multi_json (~> 1.0)
      rubyzip
      websocket (~> 1.0.4)
    simple_form (3.0.0.rc)
      actionpack (>= 4.0.0.rc1, < 4.1)
      activemodel (>= 4.0.0.rc1, < 4.1)
    simplecov (0.7.1)
      multi_json (~> 1.0)
      simplecov-html (~> 0.7.1)
    simplecov-html (0.7.1)
    slop (3.4.4)
    spring (0.0.8)
    sprockets (2.9.3)
      hike (~> 1.2)
      multi_json (~> 1.0)
      rack (~> 1.0)
      tilt (~> 1.1, != 1.3.0)
    sprockets-rails (2.0.0.rc4)
      actionpack (>= 3.0)
      activesupport (>= 3.0)
      sprockets (~> 2.8)
    terminal-notifier-guard (1.5.3)
    thin (1.5.1)
      daemons (>= 1.0.9)
      eventmachine (>= 0.12.6)
      rack (>= 1.0.0)
    thor (0.18.1)
    thread_safe (0.1.0)
      atomic
    tilt (1.4.0)
    treetop (1.4.12)
      polyglot
      polyglot (>= 0.3.1)
    twitter_oauth (0.4.4)
      json (>= 1.1.9)
      mime-types (>= 1.16)
      oauth (>= 0.4.1)
    tzinfo (0.3.37)
    uglifier (2.0.1)
      execjs (>= 0.3.0)
      multi_json (~> 1.0, >= 1.0.2)
    websocket (1.0.7)
    will_paginate (3.0.4)
    xml-simple (1.1.2)
    xpath (1.0.0)
      nokogiri (~> 1.3)

PLATFORMS
  ruby

DEPENDENCIES
  active_model_serializers!
  annotate
  aws-ses
  better_errors
  binding_of_caller
  bootstrap-will_paginate
  bootstrap-wysihtml5-rails
  cancan
  capybara (= 2.0.3)
  capybara-webkit
  carrierwave
  clearance (= 1.0.0.rc7)!
  client_side_validations!
  client_side_validations-simple_form!
  coffee-rails (~> 4.0.0)
  colorist
  dalli
  database_cleaner (~> 1.0.0.RC1)
  delayed_job_active_record (~> 4.0.0.beta2)
  execjs
  factory_girl_rails
  ffaker
  fog (~> 1.3.1)
  font-awesome-sass-rails
  foreigner (= 1.4.0)
  friendly_id!
  fuubar
  guard-rspec
  haml
  haml_coffee_assets
  httparty
  i18n-js
  immigrant
  impressionist
  launchy
  letter_opener
  pg
  pg_search
  protected_attributes
  rails (= 4.0.0.rc1)
  rails3_serve_static_assets!
  rails_log_stdout!
  rmagick (= 2.13.2)
  rspec-rails
  rspec-retry
  sanitize
  sass-rails (~> 4.0.0.rc1)
  select2-rails
  simple_form (= 3.0.0.rc)
  simplecov
  spring
  terminal-notifier-guard
  thin
  twitter_oauth
  uglifier (>= 1.0.3)
  will_paginate (~> 3.0)
